GEM
  remote: http://rubygems.org/
  specs:
    addressable (2.2.6)
    chunky_png (1.2.5)
    compass (0.12.alpha.0)
      chunky_png (~> 1.2)
      fssm (>= 0.2.7)
      sass (~> 3.1)
    compass_twitter_bootstrap (0.1.7)
      compass
    em-websocket (0.3.1)
      addressable (>= 2.1.1)
      eventmachine (>= 0.12.9)
    eventmachine (0.12.10)
    fssm (0.2.7)
    guard (0.8.4)
      thor (~> 0.14.6)
    guard-compass (0.0.6)
      compass (>= 0.10.5)
      guard (>= 0.2.1)
    guard-haml (0.3.1)
      guard (>= 0.4)
      haml (>= 3.0)
    guard-livereload (0.3.1)
      em-websocket (>= 0.2.0)
      guard (>= 0.4.0)
      multi_json (~> 1.0.3)
    haml (3.1.3)
    kgio (2.7.4)
    libnotify (0.7.2)
    multi_json (1.0.3)
    rack (1.4.1)
    raindrops (0.8.0)
    rb-fsevent (0.4.3.1)
    sass (3.1.8)
    thor (0.14.6)
    unicorn (4.2.0)
      kgio (~> 2.6)
      rack
      raindrops (~> 0.7)
    yajl-ruby (1.0.0)

PLATFORMS
  ruby

DEPENDENCIES
  compass (~> 0.12.alpha)
  compass_twitter_bootstrap (= 0.1.7)
  guard (~> 0.8)
  guard-compass (= 0.0.6)
  guard-haml (~> 0.3)
  guard-livereload (~> 0.3)
  haml (~> 3.1)
  libnotify
  rb-fsevent (~> 0.4.3)
  sass (~> 3.1)
  unicorn
  yajl-ruby (= 1.0.0)
